{
  "AcquisitionMatrixPE": 104,
  "AcquisitionNumber": 1,
  "AcquisitionTime": "09:25:56.340000",
  "BandwidthPerPixelPhaseEncode": 17.17,
  "BaseResolution": 104,
  "BodyPartExamined": "BRAIN",
  "CoilString": "HC1-7;NC1_2",
  "ConsistencyInfo": "N4_VE11C_LATEST_20160120",
  "ConversionSoftware": "dcm2niix",
  "ConversionSoftwareVersion": "v1.0.20190902",
  "DerivedVendorReportedEchoSpacing": 0.000560011,
  "DeviceSerialNumber": "167006",
  "DwellTime": 2.1e-06,
  "EchoTime": 0.037,
  "EchoTrainLength": 104,
  "EffectiveEchoSpacing": 0.000560011,
  "FlipAngle": 52,
  "ImageComments": "Single-band_reference",
  "ImageOrientationPatientDICOM": [0.998787, -0.0490587, -0.00414096, 0.044656, 0.938136, -0.343376],
  "ImageType": [
    "ORIGINAL",
    "PRIMARY",
    "M",
    "ND",
    "MOSAIC"
],
  "ImagingFrequency": 123.259,
  "InPlanePhaseEncodingDirectionDICOM": "COL",
  "InstitutionAddress": "Chemin_Queen-Mary_4565_Montreal_District_CA_H3W_1W5",
  "InstitutionName": "IUGM",
  "InstitutionalDepartmentName": "Department",
  "MRAcquisitionType": "2D",
  "MagneticFieldStrength": 3,
  "Manufacturer": "Siemens",
  "ManufacturersModelName": "Prisma_fit",
  "Modality": "MR",
  "PartialFourier": 1,
  "PatientPosition": "HFS",
  "PercentPhaseFOV": 100,
  "PhaseEncodingDirection": "j-",
  "PhaseEncodingSteps": 104,
  "PhaseResolution": 1,
  "PixelBandwidth": 2290,
  "ProcedureStepDescription": "hcptrt_generic",
  "ProtocolName": "func_AP_run-1",
  "PulseSequenceDetails": "%CustomerSeq%_cmrr_mbep2d_bold",
  "ReceiveCoilActiveElements": "HC1-7;NC1,2",
  "ReceiveCoilName": "HeadNeck_64",
  "ReconMatrixPE": 104,
  "RepetitionTime": 1.49,
  "SAR": 0.0238088,
  "ScanOptions": "FS",
  "ScanningSequence": "EP",
  "SequenceName": "epfid2d1_104",
  "SequenceVariant": "SK_SS",
  "SeriesDescription": "func_AP_run-1_SBRef",
  "SeriesNumber": 6,
  "ShimSetting": [623, -7270, -8845, 641, -14, -275, 8, -5],
  "SliceThickness": 2,
  "SliceTiming": [0, 0.1, 0.1975, 0.295, 0.3925, 0.49, 0.59, 0.6875, 0.785, 0.8825, 0.98, 1.08, 1.1775, 1.275, 1.3725, 1.47, 1.57, 1.6675, 1.765, 1.8625, 1.96, 2.06, 2.1575, 2.255, 2.3525, 2.45, 2.55, 2.6475, 2.745, 2.8425, 2.94, 3.0375, 3.1375, 3.235, 3.3325, 3.43, 3.5275, 3.6275, 3.725, 3.8225, 3.92, 4.0175, 4.1175, 4.215, 4.3125, 4.41, 4.5075, 4.6075, 4.705, 4.8025, 4.9, 4.9975, 5.0975, 5.195, 5.2925, 5.39, 5.4875, 5.5875, 5.685, 5.7825],
  "SoftwareVersions": "syngo_MR_E11",
  "SpacingBetweenSlices": 2,
  "StationName": "MRC35049",
  "TotalReadoutTime": 0.0576811,
  "TxRefAmp": 217.442,
  "WipMemBlock": "8a105e07-1468-4925-a33b-796e36bba696||Sequence: R016 ve11c/master r/e634e98; Dec 19 2017 11:00:25 by eja",
  "dcmmeta_affine": [
    [-1.9975745677947998, 0.08931203186511993, -0.04146072268486023, 102.74750518798828],
    [0.09811748564243317, 1.8762718439102173, -0.6855484843254089, -68.84217834472656],
    [-0.008281928487122059, 0.6867511868476868, 1.8783780336380005, -68.13473510742188],
    [0.0, 0.0, 0.0, 1.0]
],
  "dcmmeta_reorient_transform": [
    [0.0, -1.0, 0.0, 103.0],
    [1.0, 0.0, 0.0, 0.0],
    [0.0, 0.0, 1.0, 0.0],
    [0.0, 0.0, 0.0, 1.0]
],
  "dcmmeta_shape": [104, 104, 60],
  "dcmmeta_slice_dim": 2,
  "dcmmeta_version": 0.6,
  "global": {
    "const": {
      "AcquisitionMatrix": [104, 0, 0, 104],
      "AcquisitionNumber": 1,
      "AcquisitionTime": "092556.340000",
      "AngioFlag": "N",
      "BitsAllocated": 16,
      "BitsStored": 16,
      "BodyPartExamined": "BRAIN",
      "Columns": 832,
      "ContentTime": "092657.790000",
      "EchoNumbers": 1,
      "EchoTime": 37.0,
      "EchoTrainLength": 104,
      "FlipAngle": 52.0,
      "HighBit": 15,
      "ImageOrientationPatient": [0.99878731086525, -0.049058741018, -0.0041409641737, 0.04465601627037, 0.9381359452302, -0.3433755793266],
      "ImagePositionPatient": [-871.57338363826, -771.66203248852, 255.59267608801],
      "ImageType": [
        "ORIGINAL",
        "PRIMARY",
        "M",
        "ND",
        "MOSAIC"
],
      "ImagedNucleus": "1H",
      "ImagingFrequency": 123.259218,
      "InPlanePhaseEncodingDirection": "COL",
      "InstanceCreationTime": "092657.790000",
      "InstanceNumber": 1,
      "LargestImagePixelValue": 60844,
      "MRAcquisitionType": "2D",
      "MagneticFieldStrength": 3.0,
      "Manufacturer": "SIEMENS",
      "ManufacturerModelName": "Prisma_fit",
      "Modality": "MR",
      "NumberOfAverages": 1.0,
      "NumberOfPhaseEncodingSteps": 104,
      "PercentPhaseFieldOfView": 100.0,
      "PercentSampling": 100.0,
      "PerformedProcedureStepStartTime": "092418.321000",
      "PhotometricInterpretation": "MONOCHROME2",
      "PixelBandwidth": 2290.0,
      "PixelRepresentation": 0,
      "PixelSpacing": [2.0, 2.0],
      "ProtocolName": "func_AP_run-1",
      "RepetitionTime": 1490.0,
      "Rows": 832,
      "SAR": 0.023808842227,
      "SamplesPerPixel": 1,
      "ScanOptions": "FS",
      "ScanningSequence": "EP",
      "SequenceName": "epfid2d1_104",
      "SequenceVariant": [
        "SK",
        "SS"
],
      "SeriesDescription": "func_AP_run-1_SBRef",
      "SeriesNumber": 6,
      "SeriesTime": "092657.786000",
      "SliceLocation": -42.524065640809,
      "SliceThickness": 2.0,
      "SmallestImagePixelValue": 0,
      "SoftwareVersions": "syngo MR E11",
      "SpacingBetweenSlices": 1.9999999914624,
      "SpecificCharacterSet": "ISO_IR 100",
      "StudyID": "1",
      "StudyTime": "092418.124000",
      "TransmitCoilName": "Body",
      "VariableFlipAngleFlag": "N",
      "WindowCenter": 12419.0,
      "WindowCenterWidthExplanation": "Algo1",
      "WindowWidth": 27075.0,
      "dBdt": 0.0},
    "slices": {}
  }
}