{
  "AcquisitionMatrixPE": 104,
  "AcquisitionNumber": 1,
  "AcquisitionTime": "13:45:1.055000",
  "BandwidthPerPixelPhaseEncode": 17.17,
  "BaseResolution": 104,
  "BodyPartExamined": "BRAIN",
  "CoilString": "HC1-7;NC1_2",
  "ConsistencyInfo": "N4_VE11C_LATEST_20160120",
  "ConversionSoftware": "dcm2niix",
  "ConversionSoftwareVersion": "v1.0.20200427",
  "DerivedVendorReportedEchoSpacing": 0.000560011,
  "DeviceSerialNumber": "167006",
  "DwellTime": 2.1e-06,
  "EchoTime": 0.037,
  "EchoTrainLength": 104,
  "EffectiveEchoSpacing": 0.000560011,
  "FlipAngle": 52,
  "ImageComments": "Single-band_reference",
  "ImageOrientationPatientDICOM": [0.998487, -0.0109112, -0.053888, 0.000522794, 0.981951, -0.189137],
  "ImageType": [
    "ORIGINAL",
    "PRIMARY",
    "M",
    "ND",
    "MOSAIC"
],
  "ImagingFrequency": 123.259,
  "InPlanePhaseEncodingDirectionDICOM": "COL",
  "InstitutionAddress": "Chemin_Queen-Mary_4565_Montreal_District_CA_H3W_1W5",
  "InstitutionName": "IUGM",
  "InstitutionalDepartmentName": "Department",
  "MRAcquisitionType": "2D",
  "MagneticFieldStrength": 3,
  "Manufacturer": "Siemens",
  "ManufacturersModelName": "Prisma_fit",
  "Modality": "MR",
  "PartialFourier": 1,
  "PatientPosition": "HFS",
  "PercentPhaseFOV": 100,
  "PercentSampling": 100,
  "PhaseEncodingDirection": "j",
  "PhaseEncodingSteps": 104,
  "PhaseResolution": 1,
  "PixelBandwidth": 2290,
  "ProcedureStepDescription": "hcptrt_generic",
  "ProtocolName": "func_task-motor_run-1",
  "PulseSequenceDetails": "%CustomerSeq%_cmrr_mbep2d_bold",
  "ReceiveCoilActiveElements": "HC1-7;NC1,2",
  "ReceiveCoilName": "HeadNeck_64",
  "ReconMatrixPE": 104,
  "RepetitionTime": 1.49,
  "SAR": 0.0317929,
  "ScanOptions": "FS",
  "ScanningSequence": "EP",
  "SequenceName": "epfid2d1_104",
  "SequenceVariant": "SK_SS",
  "SeriesDescription": "func_task-motor_run-1_SBRef",
  "SeriesNumber": 14,
  "ShimSetting": [609, -7259, -8833, 600, -14, -334, 8, 50],
  "SliceThickness": 2,
  "SliceTiming": [0, 0.0975, 0.195, 0.2925, 0.39, 0.49, 0.5875, 0.685, 0.7825, 0.88, 0.98, 1.0775, 1.175, 1.2725, 1.37, 1.47, 1.5675, 1.665, 1.7625, 1.86, 1.96, 2.0575, 2.155, 2.2525, 2.35, 2.45, 2.5475, 2.645, 2.7425, 2.84, 2.94, 3.0375, 3.135, 3.2325, 3.33, 3.43, 3.5275, 3.625, 3.7225, 3.82, 3.9175, 4.0175, 4.115, 4.2125, 4.31, 4.4075, 4.5075, 4.605, 4.7025, 4.8, 4.8975, 4.9975, 5.095, 5.1925, 5.29, 5.3875, 5.4875, 5.585, 5.6825, 5.78],
  "SoftwareVersions": "syngo_MR_E11",
  "SpacingBetweenSlices": 2,
  "StationName": "MRC35049",
  "TaskName": "motor",
  "TotalReadoutTime": 0.0576811,
  "TxRefAmp": 220.093,
  "WipMemBlock": "8d85620e-ef35-440d-9062-353e7ddcb570||Sequence: R016 ve11c/master r/e634e98; Dec 19 2017 11:00:25 by eja"
}