{
  "AcquisitionMatrixPE": 160,
  "AcquisitionNumber": 1,
  "AcquisitionTime": "17:16:50.987500",
  "BodyPartExamined": "BRAIN",
  "ConversionSoftware": "dcm2niix",
  "ConversionSoftwareVersion": "v1.0.20190720  (JP2:OpenJPEG) GCC7.3.0",
  "DeviceSerialNumber": "167006",
  "EchoTime": 0.00137,
  "FlipAngle": 8,
  "ImageOrientationPatientDICOM": [
    0,
    1,
    0,
    0,
    0,
    -1
  ],
  "ImageType": [
    "DERIVED",
    "SECONDARY",
    "PROJECTION",
    "IMAGE",
    "CSA",
    "MPR",
    "CSAPARALLEL",
    "M",
    "ND",
    "NORM"
  ],
  "ImagingFrequency": 123.259,
  "InPlanePhaseEncodingDirectionDICOM": "ROW",
  "InstitutionAddress": "Chemin_Queen-Mary_4565_Montreal_District_CA_H3W_1W5",
  "InstitutionName": "IUGM",
  "InstitutionalDepartmentName": "Department",
  "MRAcquisitionType": "3D",
  "MagneticFieldStrength": 3,
  "Manufacturer": "Siemens",
  "ManufacturersModelName": "Prisma_fit",
  "Modality": "MR",
  "PatientPosition": "HFS",
  "PercentPhaseFOV": 100,
  "PhaseEncodingSteps": 118,
  "PixelBandwidth": 540,
  "ProtocolName": "AAHead_Scout",
  "RawImage": false,
  "ReconMatrixPE": 484,
  "RepetitionTime": 0.00315,
  "SAR": 0.01923,
  "ScanOptions": "PFP",
  "ScanningSequence": "GR",
  "SequenceName": "_fl3d1_ns",
  "SequenceVariant": "SP",
  "SeriesDescription": "cor",
  "SeriesNumber": 32,
  "SliceThickness": 1.6,
  "SoftwareVersions": "syngo_MR_E11",
  "StationName": "MRC35049"
}