{
   "AcquisitionMatrixPE": 104,
   "AcquisitionNumber": 1,
   "AcquisitionTime": "18:32:27.077500",
   "BandwidthPerPixelPhaseEncode": 17.17,
   "BaseResolution": 104,
   "BodyPartExamined": "BRAIN",
   "CoilString": "HC1-7;NC1_2",
   "ConsistencyInfo": "N4_VE11C_LATEST_20160120",
   "ConversionSoftware": "dcm2niix",
   "ConversionSoftwareVersion": "v1.0.20190720  (JP2:OpenJPEG) GCC7.3.0",
   "DerivedVendorReportedEchoSpacing": 0.000560011,
   "DeviceSerialNumber": "167006",
   "DwellTime": 2.1e-06,
   "EchoTime": 0.037,
   "EchoTrainLength": 104,
   "EffectiveEchoSpacing": 0.000560011,
   "FlipAngle": 52,
   "ImageComments": "Single-band_reference",
   "ImageOrientationPatientDICOM": [
      0.999428,
      -0.0270395,
      -0.0202948,
      0.0163982,
      0.912649,
      -0.408414
   ],
   "ImageType": [
      "ORIGINAL",
      "PRIMARY",
      "M",
      "ND",
      "MOSAIC"
   ],
   "ImagingFrequency": 123.259,
   "InPlanePhaseEncodingDirectionDICOM": "COL",
   "InstitutionAddress": "Chemin_Queen-Mary_4565_Montreal_District_CA_H3W_1W5",
   "InstitutionName": "IUGM",
   "InstitutionalDepartmentName": "Department",
   "IntendedFor": [
      "ses-006/func/sub-05_ses-006_task-emotion_run-01_bold.nii.gz",
      "ses-006/func/sub-05_ses-006_task-gambling_run-01_bold.nii.gz",
      "ses-006/func/sub-05_ses-006_task-language_run-01_bold.nii.gz",
      "ses-006/func/sub-05_ses-006_task-motor_run-01_bold.nii.gz",
      "ses-006/func/sub-05_ses-006_task-relational_run-01_bold.nii.gz",
      "ses-006/func/sub-05_ses-006_task-restingstate_run-01_bold.nii.gz",
      "ses-006/func/sub-05_ses-006_task-social_run-01_bold.nii.gz",
      "ses-006/func/sub-05_ses-006_task-wm_run-01_bold.nii.gz"
   ],
   "MRAcquisitionType": "2D",
   "MagneticFieldStrength": 3,
   "Manufacturer": "Siemens",
   "ManufacturersModelName": "Prisma_fit",
   "Modality": "MR",
   "PartialFourier": 1,
   "PatientPosition": "HFS",
   "PercentPhaseFOV": 100,
   "PhaseEncodingDirection": "j",
   "PhaseEncodingSteps": 104,
   "PhaseResolution": 1,
   "PixelBandwidth": 2290,
   "ProcedureStepDescription": "hcptrt_generic",
   "ProtocolName": "func_task-restingstate_run-1",
   "PulseSequenceDetails": "%CustomerSeq%_cmrr_mbep2d_bold",
   "ReceiveCoilActiveElements": "HC1-7;NC1,2",
   "ReceiveCoilName": "HeadNeck_64",
   "ReconMatrixPE": 104,
   "RepetitionTime": 1.49,
   "SAR": 0.0368203,
   "ScanOptions": "FS",
   "ScanningSequence": "EP",
   "SequenceName": "epfid2d1_104",
   "SequenceVariant": "SK_SS",
   "SeriesDescription": "func_task-restingstate_run-1_SBRef",
   "SeriesNumber": 6,
   "ShimSetting": [
      620,
      -7249,
      -8879,
      374,
      56,
      -415,
      25,
      41
   ],
   "SliceThickness": 2,
   "SliceTiming": [
      0,
      0.0975,
      0.1975,
      0.295,
      0.3925,
      0.49,
      0.5875,
      0.6875,
      0.785,
      0.8825,
      0.98,
      1.0775,
      1.175,
      1.275,
      1.3725,
      1.47,
      1.5675,
      1.665,
      1.765,
      1.8625,
      1.96,
      2.0575,
      2.155,
      2.255,
      2.3525,
      2.45,
      2.5475,
      2.645,
      2.745,
      2.8425,
      2.94,
      3.0375,
      3.135,
      3.235,
      3.3325,
      3.43,
      3.5275,
      3.625,
      3.725,
      3.8225,
      3.92,
      4.0175,
      4.115,
      4.215,
      4.3125,
      4.41,
      4.5075,
      4.605,
      4.705,
      4.8025,
      4.9,
      4.9975,
      5.095,
      5.195,
      5.2925,
      5.39,
      5.4875,
      5.585,
      5.685,
      5.7825
   ],
   "SoftwareVersions": "syngo_MR_E11",
   "SpacingBetweenSlices": 2,
   "StationName": "MRC35049",
   "TotalReadoutTime": 0.0576811,
   "TxRefAmp": 242.15,
   "WipMemBlock": "55962ffe-46e3-4462-b385-2fa62245a2c3||Sequence: R016 ve11c/master r/e634e98; Dec 19 2017 11:00:25 by eja",
   "dcmmeta_affine": [
      [
         -1.9988566637039185,
         0.03279642388224602,
         -0.05913075432181358,
         104.11499786376953
      ],
      [
         0.05407892167568207,
         1.825298547744751,
         -0.8156964778900146,
         -61.98261260986328
      ],
      [
         -0.04058967903256416,
         0.8168289661407471,
         1.8251419067382812,
         -77.02831268310547
      ],
      [
         0.0,
         0.0,
         0.0,
         1.0
      ]
   ],
   "dcmmeta_reorient_transform": [
      [
         0.0,
         -1.0,
         0.0,
         103.0
      ],
      [
         1.0,
         0.0,
         0.0,
         0.0
      ],
      [
         0.0,
         0.0,
         1.0,
         0.0
      ],
      [
         0.0,
         0.0,
         0.0,
         1.0
      ]
   ],
   "dcmmeta_shape": [
      104,
      104,
      60
   ],
   "dcmmeta_slice_dim": 2,
   "dcmmeta_version": 0.6,
   "global": {
      "const": {
         "AcquisitionMatrix": [
            104,
            0,
            0,
            104
         ],
         "AcquisitionNumber": 1,
         "AcquisitionTime": "183227.077500",
         "AngioFlag": "N",
         "BitsAllocated": 16,
         "BitsStored": 16,
         "BodyPartExamined": "BRAIN",
         "Columns": 832,
         "ContentTime": "183408.187000",
         "EchoNumbers": 1,
         "EchoTime": 37.0,
         "EchoTrainLength": 104,
         "FlipAngle": 52.0,
         "HighBit": 15,
         "ImageOrientationPatient": [
            0.99942833014349,
            -0.0270394606516,
            -0.0202948386114,
            0.01639821217982,
            0.91264927379278,
            -0.4084144973955
         ],
         "ImagePositionPatient": [
            -847.01475128436,
            -770.74708041482,
            319.20546992592
         ],
         "ImageType": [
            "ORIGINAL",
            "PRIMARY",
            "M",
            "ND",
            "MOSAIC"
         ],
         "ImagedNucleus": "1H",
         "ImagingFrequency": 123.259455,
         "InPlanePhaseEncodingDirection": "COL",
         "InstanceCreationTime": "183408.187000",
         "InstanceNumber": 1,
         "LargestImagePixelValue": 65535,
         "MRAcquisitionType": "2D",
         "MagneticFieldStrength": 3.0,
         "Manufacturer": "SIEMENS",
         "ManufacturerModelName": "Prisma_fit",
         "Modality": "MR",
         "NumberOfAverages": 1.0,
         "NumberOfPhaseEncodingSteps": 104,
         "PercentPhaseFieldOfView": 100.0,
         "PercentSampling": 100.0,
         "PerformedProcedureStepStartTime": "182921.491000",
         "PhotometricInterpretation": "MONOCHROME2",
         "PixelBandwidth": 2290.0,
         "PixelRepresentation": 0,
         "PixelSpacing": [
            2.0,
            2.0
         ],
         "ProtocolName": "func_task-restingstate_run-1",
         "RepetitionTime": 1490.0,
         "Rows": 832,
         "SAR": 0.03682028348057,
         "SamplesPerPixel": 1,
         "ScanOptions": "FS",
         "ScanningSequence": "EP",
         "SequenceName": "epfid2d1_104",
         "SequenceVariant": [
            "SK",
            "SS"
         ],
         "SeriesDescription": "func_task-restingstate_run-1_SBRef",
         "SeriesNumber": 6,
         "SeriesTime": "183408.184000",
         "SliceLocation": -48.092500426661,
         "SliceThickness": 2.0,
         "SmallestImagePixelValue": 0,
         "SoftwareVersions": "syngo MR E11",
         "SpacingBetweenSlices": 2.0000000208413,
         "SpecificCharacterSet": "ISO_IR 100",
         "StudyID": "1",
         "StudyTime": "182921.402000",
         "TransmitCoilName": "Body",
         "VariableFlipAngleFlag": "N",
         "WindowCenter": 12593.0,
         "WindowCenterWidthExplanation": "Algo1",
         "WindowWidth": 27535.0,
         "dBdt": 0.0
      },
      "slices": {}
   }
}