{
  "AcquisitionMatrixPE": 104,
  "AcquisitionNumber": 1,
  "AcquisitionTime": "10:57:29.867500",
  "BandwidthPerPixelPhaseEncode": 17.17,
  "BaseResolution": 104,
  "BodyPartExamined": "BRAIN",
  "CoilString": "HC1-7;NC1_2",
  "ConsistencyInfo": "N4_VE11C_LATEST_20160120",
  "ConversionSoftware": "dcm2niix",
  "ConversionSoftwareVersion": "v1.0.20190720  (JP2:OpenJPEG) GCC7.3.0",
  "DerivedVendorReportedEchoSpacing": 0.000560011,
  "DeviceSerialNumber": "167006",
  "DwellTime": 2.1e-06,
  "EchoTime": 0.037,
  "EchoTrainLength": 104,
  "EffectiveEchoSpacing": 0.000560011,
  "FlipAngle": 52,
  "ImageComments": "Unaliased_MB4_PE3_LB",
  "ImageOrientationPatientDICOM": [0.999786, 0.0195556, -0.00678038, -0.0204188, 0.878287, -0.477697],
  "ImageType": [
    "ORIGINAL",
    "PRIMARY",
    "M",
    "MB",
    "ND",
    "MOSAIC"
],
  "ImagingFrequency": 123.26,
  "InPlanePhaseEncodingDirectionDICOM": "COL",
  "InstitutionAddress": "Chemin_Queen-Mary_4565_Montreal_District_CA_H3W_1W5",
  "InstitutionName": "IUGM",
  "InstitutionalDepartmentName": "Department",
  "MRAcquisitionType": "2D",
  "MagneticFieldStrength": 3,
  "Manufacturer": "Siemens",
  "ManufacturersModelName": "Prisma_fit",
  "Modality": "MR",
  "MultibandAccelerationFactor": 4,
  "PartialFourier": 1,
  "PatientPosition": "HFS",
  "PercentPhaseFOV": 100,
  "PhaseEncodingDirection": "j",
  "PhaseEncodingSteps": 104,
  "PhaseResolution": 1,
  "PixelBandwidth": 2290,
  "ProcedureStepDescription": "hcptrt_generic",
  "ProtocolName": "func_task-language_run-1",
  "PulseSequenceDetails": "%CustomerSeq%_cmrr_mbep2d_bold",
  "ReceiveCoilActiveElements": "HC1-7;NC1,2",
  "ReceiveCoilName": "HeadNeck_64",
  "ReconMatrixPE": 104,
  "RepetitionTime": 1.49,
  "SAR": 0.0384542,
  "ScanOptions": "FS",
  "ScanningSequence": "EP",
  "SequenceName": "epfid2d1_104",
  "SequenceVariant": "SK_SS",
  "SeriesDescription": "func_task-language_run-1",
  "SeriesNumber": 7,
  "ShimSetting": [620, -7190, -8873, 380, -19, -173, -11, -24],
  "SliceThickness": 2,
  "SliceTiming": [0, 0.785, 0.1, 0.8825, 0.1975, 0.98, 0.295, 1.08, 0.3925, 1.1775, 0.49, 1.275, 0.59, 1.3725, 0.6875, 0, 0.785, 0.1, 0.8825, 0.1975, 0.98, 0.295, 1.08, 0.3925, 1.1775, 0.49, 1.275, 0.59, 1.3725, 0.6875, 0, 0.785, 0.1, 0.8825, 0.1975, 0.98, 0.295, 1.08, 0.3925, 1.1775, 0.49, 1.275, 0.59, 1.3725, 0.6875, 0, 0.785, 0.1, 0.8825, 0.1975, 0.98, 0.295, 1.08, 0.3925, 1.1775, 0.49, 1.275, 0.59, 1.3725, 0.6875],
  "SoftwareVersions": "syngo_MR_E11",
  "SpacingBetweenSlices": 2,
  "StationName": "MRC35049",
  "TaskName": "language",
  "TotalReadoutTime": 0.0576811,
  "TxRefAmp": 250.658,
  "WipMemBlock": "47f011d3-6160-4b2c-9cc2-be3898496f2d||Sequence: R016 ve11c/master r/e634e98; Dec 19 2017 11:00:25 by eja",
  "dcmmeta_affine": [
    [-1.9995715618133545, -0.0408376045525074, 0.006773093715310097, 105.83251190185547],
    [-0.03911126032471657, 1.7565746307373047, -0.9554663300514221, -57.9269905090332],
    [-0.013560755178332329, 0.9553940892219543, 1.756996989250183, -96.5040512084961],
    [0.0, 0.0, 0.0, 1.0]
],
  "dcmmeta_reorient_transform": [
    [0.0, -1.0, 0.0, 103.0],
    [1.0, 0.0, 0.0, 0.0],
    [0.0, 0.0, 1.0, 0.0],
    [0.0, 0.0, 0.0, 1.0]
],
  "dcmmeta_shape": [104, 104, 60, 37],
  "dcmmeta_slice_dim": 2,
  "dcmmeta_version": 0.6,
  "global": {
    "const": {
      "AcquisitionMatrix": [104, 0, 0, 104],
      "AngioFlag": "N",
      "BitsAllocated": 16,
      "BitsStored": 16,
      "BodyPartExamined": "BRAIN",
      "Columns": 832,
      "EchoNumbers": 1,
      "EchoTime": 37.0,
      "EchoTrainLength": 104,
      "FlipAngle": 52.0,
      "HighBit": 15,
      "ImageOrientationPatient": [0.99978577896631, 0.01955562984009, -0.0067803774449, -0.0204188020359, 0.87828731756815, -0.4776970382181],
      "ImagePositionPatient": [-814.60539750874, -776.62986303589, 354.60109423104],
      "ImageType": [
        "ORIGINAL",
        "PRIMARY",
        "M",
        "MB",
        "ND",
        "MOSAIC"
],
      "ImagedNucleus": "1H",
      "ImagingFrequency": 123.259532,
      "InPlanePhaseEncodingDirection": "COL",
      "MRAcquisitionType": "2D",
      "MagneticFieldStrength": 3.0,
      "Manufacturer": "SIEMENS",
      "ManufacturerModelName": "Prisma_fit",
      "Modality": "MR",
      "NumberOfAverages": 1.0,
      "NumberOfPhaseEncodingSteps": 104,
      "PercentPhaseFieldOfView": 100.0,
      "PercentSampling": 100.0,
      "PerformedProcedureStepStartTime": "104603.426000",
      "PhotometricInterpretation": "MONOCHROME2",
      "PixelBandwidth": 2290.0,
      "PixelRepresentation": 0,
      "PixelSpacing": [2.0, 2.0],
      "ProtocolName": "func_task-language_run-1",
      "RepetitionTime": 1490.0,
      "Rows": 832,
      "SAR": 0.03845422650389,
      "SamplesPerPixel": 1,
      "ScanOptions": "FS",
      "ScanningSequence": "EP",
      "SequenceName": "epfid2d1_104",
      "SequenceVariant": [
        "SK",
        "SS"
],
      "SeriesDescription": "func_task-language_run-1",
      "SeriesNumber": 7,
      "SeriesTime": "105852.266000",
      "SliceLocation": -56.746613872555,
      "SliceThickness": 2.0,
      "SmallestImagePixelValue": 0,
      "SoftwareVersions": "syngo MR E11",
      "SpacingBetweenSlices": 1.9999999939688,
      "SpecificCharacterSet": "ISO_IR 100",
      "StudyID": "1",
      "StudyTime": "104603.360000",
      "TransmitCoilName": "Body",
      "VariableFlipAngleFlag": "N",
      "WindowCenterWidthExplanation": "Algo1",
      "dBdt": 0.0},
    "slices": {}
  },
  "time": {
    "samples": {
      "AcquisitionNumber": [1, 2, 3, 4, 5, 6, 7, 8, 9, 10, 11, 12, 13, 14, 15, 16, 17, 18, 19, 20, 21, 22, 23, 24, 25, 26, 27, 28, 29, 30, 31, 32, 33, 34, 35, 36, 37],
      "AcquisitionTime": ["105729.867500", "105731.357500", "105732.847500", "105734.337500", "105735.827500", "105737.317500", "105738.807500", "105740.297500", "105741.787500", "105743.277500", "105744.767500", "105746.257500", "105747.747500", "105749.237500", "105750.727500", "105752.217500", "105753.707500", "105755.197500", "105756.687500", "105758.177500", "105759.667500", "105801.157500", "105802.647500", "105804.137500", "105805.627500", "105807.117500", "105808.607500", "105810.097500", "105811.587500", "105813.077500", "105814.567500", "105816.057500", "105817.547500", "105819.037500", "105820.527500", "105822.017500", "105823.507500"],
      "ContentTime": ["105852.270000", "105852.273000", "105852.276000", "105852.287000", "105852.290000", "105852.293000", "105852.296000", "105852.299000", "105852.302000", "105852.305000", "105852.308000", "105852.310000", "105852.313000", "105852.317000", "105852.319000", "105852.322000", "105852.325000", "105852.328000", "105852.331000", "105852.334000", "105852.337000", "105852.344000", "105852.347000", "105852.350000", "105852.353000", "105852.356000", "105852.359000", "105852.361000", "105852.364000", "105859.379000", "105859.382000", "105859.385000", "105859.388000", "105859.391000", "105859.394000", "105859.397000", "105859.399000"],
      "InstanceCreationTime": ["105852.270000", "105852.273000", "105852.276000", "105852.287000", "105852.290000", "105852.293000", "105852.296000", "105852.299000", "105852.302000", "105852.305000", "105852.308000", "105852.310000", "105852.313000", "105852.317000", "105852.319000", "105852.322000", "105852.325000", "105852.328000", "105852.331000", "105852.334000", "105852.337000", "105852.344000", "105852.347000", "105852.350000", "105852.353000", "105852.356000", "105852.359000", "105852.361000", "105852.364000", "105859.379000", "105859.382000", "105859.385000", "105859.388000", "105859.391000", "105859.394000", "105859.397000", "105859.399000"],
      "InstanceNumber": [1, 2, 3, 4, 5, 6, 7, 8, 9, 10, 11, 12, 13, 14, 15, 16, 17, 18, 19, 20, 21, 22, 23, 24, 25, 26, 27, 28, 29, 30, 31, 32, 33, 34, 35, 36, 37],
      "LargestImagePixelValue": [45262, 42948, 44118, 42887, 43508, 42351, 42816, 42652, 42817, 41071, 41109, 40968, 42053, 41146, 41497, 41221, 40790, 41434, 41516, 41349, 40698, 41333, 40846, 40861, 40617, 41551, 41510, 41377, 40683, 40992, 40453, 41035, 41197, 41350, 41614, 40958, 41680],
      "WindowCenter": [11045.0, 10977.0, 10962.0, 10932.0, 10917.0, 10893.0, 10888.0, 10887.0, 10896.0, 10880.0, 10884.0, 10900.0, 10922.0, 10910.0, 10898.0, 10889.0, 10885.0, 10898.0, 10917.0, 10914.0, 10883.0, 10881.0, 10866.0, 10865.0, 10864.0, 10874.0, 10876.0, 10880.0, 10871.0, 10874.0, 10867.0, 10879.0, 10880.0, 10896.0, 10912.0, 10902.0, 10916.0],
      "WindowWidth": [23719.0, 23533.0, 23477.0, 23404.0, 23360.0, 23305.0, 23289.0, 23287.0, 23310.0, 23280.0, 23286.0, 23321.0, 23369.0, 23346.0, 23316.0, 23299.0, 23290.0, 23321.0, 23364.0, 23358.0, 23291.0, 23279.0, 23246.0, 23242.0, 23240.0, 23259.0, 23264.0, 23276.0, 23259.0, 23261.0, 23250.0, 23278.0, 23275.0, 23311.0, 23347.0, 23327.0, 23359.0]
    },
    "slices": {}
  }
}