{
  "AcquisitionMatrixPE": 104,
  "AcquisitionNumber": 1,
  "AcquisitionTime": "15:56:7.680000",
  "BandwidthPerPixelPhaseEncode": 17.17,
  "BaseResolution": 104,
  "BodyPartExamined": "BRAIN",
  "CoilString": "HC1-7;NC1_2",
  "ConsistencyInfo": "N4_VE11C_LATEST_20160120",
  "ConversionSoftware": "dcm2niix",
  "ConversionSoftwareVersion": "v1.0.20190720  (JP2:OpenJPEG) GCC7.3.0",
  "DerivedVendorReportedEchoSpacing": 0.000560011,
  "DeviceSerialNumber": "167006",
  "DwellTime": 2.1e-06,
  "EchoTime": 0.037,
  "EchoTrainLength": 104,
  "EffectiveEchoSpacing": 0.000560011,
  "FlipAngle": 52,
  "ImageComments": "Single-band_reference",
  "ImageOrientationPatientDICOM": [
    0.999321,
    -0.0352833,
    -0.0106268,
    0.0282627,
    0.918951,
    -0.393359
  ],
  "ImageType": [
    "ORIGINAL",
    "PRIMARY",
    "M",
    "ND",
    "MOSAIC"
  ],
  "ImagingFrequency": 123.26,
  "InPlanePhaseEncodingDirectionDICOM": "COL",
  "InstitutionAddress": "Chemin_Queen-Mary_4565_Montreal_District_CA_H3W_1W5",
  "InstitutionName": "IUGM",
  "InstitutionalDepartmentName": "Department",
  "IntendedFor": [
    "ses-004/func/sub-05_ses-004_task-social_run-01_bold.nii.gz"
  ],
  "MRAcquisitionType": "2D",
  "MagneticFieldStrength": 3,
  "Manufacturer": "Siemens",
  "ManufacturersModelName": "Prisma_fit",
  "Modality": "MR",
  "PartialFourier": 1,
  "PatientPosition": "HFS",
  "PercentPhaseFOV": 100,
  "PhaseEncodingDirection": "j",
  "PhaseEncodingSteps": 104,
  "PhaseResolution": 1,
  "PixelBandwidth": 2290,
  "ProcedureStepDescription": "hcptrt_generic",
  "ProtocolName": "func_task-social_run-1",
  "PulseSequenceDetails": "%CustomerSeq%_cmrr_mbep2d_bold",
  "ReceiveCoilActiveElements": "HC1-7;NC1,2",
  "ReceiveCoilName": "HeadNeck_64",
  "ReconMatrixPE": 104,
  "RepetitionTime": 1.49,
  "SAR": 0.0381782,
  "ScanOptions": "FS",
  "ScanningSequence": "EP",
  "SequenceName": "epfid2d1_104",
  "SequenceVariant": "SK_SS",
  "SeriesDescription": "func_task-social_run-1_SBRef",
  "SeriesNumber": 6,
  "ShimSetting": [
    611,
    -7258,
    -8859,
    333,
    27,
    -424,
    28,
    13
  ],
  "SliceThickness": 2,
  "SliceTiming": [
    0,
    0.1,
    0.1975,
    0.295,
    0.3925,
    0.49,
    0.59,
    0.6875,
    0.785,
    0.8825,
    0.98,
    1.08,
    1.1775,
    1.275,
    1.3725,
    1.47,
    1.57,
    1.6675,
    1.765,
    1.8625,
    1.96,
    2.06,
    2.1575,
    2.255,
    2.3525,
    2.45,
    2.55,
    2.6475,
    2.745,
    2.8425,
    2.94,
    3.04,
    3.1375,
    3.235,
    3.3325,
    3.43,
    3.53,
    3.6275,
    3.725,
    3.8225,
    3.92,
    4.02,
    4.1175,
    4.215,
    4.3125,
    4.41,
    4.5075,
    4.6075,
    4.705,
    4.8025,
    4.9,
    4.9975,
    5.0975,
    5.195,
    5.2925,
    5.39,
    5.4875,
    5.5875,
    5.685,
    5.7825
  ],
  "SoftwareVersions": "syngo_MR_E11",
  "SpacingBetweenSlices": 2,
  "StationName": "MRC35049",
  "TotalReadoutTime": 0.0576811,
  "TxRefAmp": 241.686,
  "WipMemBlock": "dfa7cea6-77b3-4748-a942-3951d8f4a318||Sequence: R016 ve11c/master r/e634e98; Dec 19 2017 11:00:25 by eja",
  "dcmmeta_affine": [
    [
      -1.9986417293548584,
      0.05652531981468201,
      -0.047289006412029266,
      102.58391571044922
    ],
    [
      0.07056660950183868,
      1.8379011154174805,
      -0.785582423210144,
      -63.15861892700195
    ],
    [
      -0.021253611892461777,
      0.7867173552513123,
      1.8386473655700684,
      -71.0588150024414
    ],
    [
      0.0,
      0.0,
      0.0,
      1.0
    ]
  ],
  "dcmmeta_reorient_transform": [
    [
      0.0,
      -1.0,
      0.0,
      103.0
    ],
    [
      1.0,
      0.0,
      0.0,
      0.0
    ],
    [
      0.0,
      0.0,
      1.0,
      0.0
    ],
    [
      0.0,
      0.0,
      0.0,
      1.0
    ]
  ],
  "dcmmeta_shape": [
    104,
    104,
    60
  ],
  "dcmmeta_slice_dim": 2,
  "dcmmeta_version": 0.6,
  "global": {
    "const": {
      "AcquisitionMatrix": [
        104,
        0,
        0,
        104
      ],
      "AcquisitionNumber": 1,
      "AcquisitionTime": "155607.680000",
      "AngioFlag": "N",
      "BitsAllocated": 16,
      "BitsStored": 16,
      "BodyPartExamined": "BRAIN",
      "Columns": 832,
      "ContentTime": "155734.149000",
      "EchoNumbers": 1,
      "EchoTime": 37.0,
      "EchoTrainLength": 104,
      "FlipAngle": 52.0,
      "HighBit": 15,
      "ImageOrientationPatient": [
        0.99932084913568,
        -0.0352833032231,
        -0.0106268055596,
        0.02826266015189,
        0.91895057702139,
        -0.3933586900441
      ],
      "ImagePositionPatient": [
        -856.48682001065,
        -769.4549767318,
        304.07451617409
      ],
      "ImageType": [
        "ORIGINAL",
        "PRIMARY",
        "M",
        "ND",
        "MOSAIC"
      ],
      "ImagedNucleus": "1H",
      "ImagingFrequency": 123.259596,
      "InPlanePhaseEncodingDirection": "COL",
      "InstanceCreationTime": "155734.149000",
      "InstanceNumber": 1,
      "LargestImagePixelValue": 65535,
      "MRAcquisitionType": "2D",
      "MagneticFieldStrength": 3.0,
      "Manufacturer": "SIEMENS",
      "ManufacturerModelName": "Prisma_fit",
      "Modality": "MR",
      "NumberOfAverages": 1.0,
      "NumberOfPhaseEncodingSteps": 104,
      "PercentPhaseFieldOfView": 100.0,
      "PercentSampling": 100.0,
      "PerformedProcedureStepStartTime": "154530.172000",
      "PhotometricInterpretation": "MONOCHROME2",
      "PixelBandwidth": 2290.0,
      "PixelRepresentation": 0,
      "PixelSpacing": [
        2.0,
        2.0
      ],
      "ProtocolName": "func_task-social_run-1",
      "RepetitionTime": 1490.0,
      "Rows": 832,
      "SAR": 0.03817819521163,
      "SamplesPerPixel": 1,
      "ScanOptions": "FS",
      "ScanningSequence": "EP",
      "SequenceName": "epfid2d1_104",
      "SequenceVariant": [
        "SK",
        "SS"
      ],
      "SeriesDescription": "func_task-social_run-1_SBRef",
      "SeriesNumber": 6,
      "SeriesTime": "155734.146000",
      "SliceLocation": -42.943447156582,
      "SliceThickness": 2.0,
      "SmallestImagePixelValue": 0,
      "SoftwareVersions": "syngo MR E11",
      "SpacingBetweenSlices": 2.0000000608683,
      "SpecificCharacterSet": "ISO_IR 100",
      "StudyID": "1",
      "StudyTime": "154530.095000",
      "TransmitCoilName": "Body",
      "VariableFlipAngleFlag": "N",
      "WindowCenter": 12370.0,
      "WindowCenterWidthExplanation": "Algo1",
      "WindowWidth": 26864.0,
      "dBdt": 0.0
    },
    "slices": {}
  }
}