{
  "AcquisitionMatrixPE": 104,
  "AcquisitionNumber": 1,
  "AcquisitionTime": "16:43:44.197500",
  "BandwidthPerPixelPhaseEncode": 17.17,
  "BaseResolution": 104,
  "BodyPartExamined": "BRAIN",
  "CoilString": "HC1-7;NC1_2",
  "ConsistencyInfo": "N4_VE11C_LATEST_20160120",
  "ConversionSoftware": "dcm2niix",
  "ConversionSoftwareVersion": "v1.0.20190720  (JP2:OpenJPEG) GCC7.3.0",
  "DerivedVendorReportedEchoSpacing": 0.000560011,
  "DeviceSerialNumber": "167006",
  "DwellTime": 2.1e-06,
  "EchoTime": 0.037,
  "EchoTrainLength": 104,
  "EffectiveEchoSpacing": 0.000560011,
  "FlipAngle": 52,
  "ImageComments": "Single-band_reference",
  "ImageOrientationPatientDICOM": [
    0.999962,
    -0.00567078,
    0.00658346,
    0.00767932,
    0.931271,
    -0.364246
  ],
  "ImageType": [
    "ORIGINAL",
    "PRIMARY",
    "M",
    "ND",
    "MOSAIC"
  ],
  "ImagingFrequency": 123.259,
  "InPlanePhaseEncodingDirectionDICOM": "COL",
  "InstitutionAddress": "Chemin_Queen-Mary_4565_Montreal_District_CA_H3W_1W5",
  "InstitutionName": "IUGM",
  "InstitutionalDepartmentName": "Department",
  "IntendedFor": [
    "ses-008/func/sub-03_ses-008_task-social_run-02_bold.nii.gz"
  ],
  "MRAcquisitionType": "2D",
  "MagneticFieldStrength": 3,
  "Manufacturer": "Siemens",
  "ManufacturersModelName": "Prisma_fit",
  "Modality": "MR",
  "PartialFourier": 1,
  "PatientPosition": "HFS",
  "PercentPhaseFOV": 100,
  "PhaseEncodingDirection": "j",
  "PhaseEncodingSteps": 104,
  "PhaseResolution": 1,
  "PixelBandwidth": 2290,
  "ProcedureStepDescription": "hcptrt_generic",
  "ProtocolName": "func_task-social_run-2",
  "PulseSequenceDetails": "%CustomerSeq%_cmrr_mbep2d_bold",
  "ReceiveCoilActiveElements": "HC1-7;NC1,2",
  "ReceiveCoilName": "HeadNeck_64",
  "ReconMatrixPE": 104,
  "RepetitionTime": 1.49,
  "SAR": 0.028758,
  "ScanOptions": "FS",
  "ScanningSequence": "EP",
  "SequenceName": "epfid2d1_104",
  "SequenceVariant": "SK_SS",
  "SeriesDescription": "func_task-social_run-2_SBRef",
  "SeriesNumber": 26,
  "ShimSetting": [
    636,
    -7134,
    -8787,
    640,
    49,
    186,
    0,
    3
  ],
  "SliceThickness": 2,
  "SliceTiming": [
    0,
    0.0975,
    0.195,
    0.2925,
    0.3925,
    0.49,
    0.5875,
    0.685,
    0.7825,
    0.8825,
    0.98,
    1.0775,
    1.175,
    1.2725,
    1.3725,
    1.47,
    1.5675,
    1.665,
    1.7625,
    1.8625,
    1.96,
    2.0575,
    2.155,
    2.2525,
    2.35,
    2.45,
    2.5475,
    2.645,
    2.7425,
    2.84,
    2.94,
    3.0375,
    3.135,
    3.2325,
    3.33,
    3.43,
    3.5275,
    3.625,
    3.7225,
    3.82,
    3.92,
    4.0175,
    4.115,
    4.2125,
    4.31,
    4.41,
    4.5075,
    4.605,
    4.7025,
    4.8,
    4.9,
    4.9975,
    5.095,
    5.1925,
    5.29,
    5.39,
    5.4875,
    5.585,
    5.6825,
    5.78
  ],
  "SoftwareVersions": "syngo_MR_E11",
  "SpacingBetweenSlices": 2,
  "StationName": "MRC35049",
  "TotalReadoutTime": 0.0576811,
  "TxRefAmp": 206.7,
  "WipMemBlock": "22af712d-4e76-4835-b117-335fb22fa3ca||Sequence: R016 ve11c/master r/e634e98; Dec 19 2017 11:00:25 by eja",
  "dcmmeta_affine": [
    [
      -1.9999245405197144,
      0.015358634293079376,
      0.008130858652293682,
      107.99006652832031
    ],
    [
      0.011341552250087261,
      1.8625423908233643,
      -0.7285650968551636,
      -66.82151794433594
    ],
    [
      0.013166917487978935,
      0.728491485118866,
      1.862559199333191,
      -62.40696716308594
    ],
    [
      0.0,
      0.0,
      0.0,
      1.0
    ]
  ],
  "dcmmeta_reorient_transform": [
    [
      0.0,
      -1.0,
      0.0,
      103.0
    ],
    [
      1.0,
      0.0,
      0.0,
      0.0
    ],
    [
      0.0,
      0.0,
      1.0,
      0.0
    ],
    [
      0.0,
      0.0,
      0.0,
      1.0
    ]
  ],
  "dcmmeta_shape": [
    104,
    104,
    60
  ],
  "dcmmeta_slice_dim": 2,
  "dcmmeta_version": 0.6,
  "global": {
    "const": {
      "AcquisitionMatrix": [
        104,
        0,
        0,
        104
      ],
      "AcquisitionNumber": 1,
      "AcquisitionTime": "164344.197500",
      "AngioFlag": "N",
      "BitsAllocated": 16,
      "BitsStored": 16,
      "BodyPartExamined": "BRAIN",
      "Columns": 832,
      "ContentTime": "164527.070000",
      "EchoNumbers": 1,
      "EchoTime": 37.0,
      "EchoTrainLength": 104,
      "FlipAngle": 52.0,
      "HighBit": 15,
      "ImageOrientationPatient": [
        0.99996224947264,
        -0.0056707760384,
        0.00658345872218,
        0.00767931720468,
        0.93127120751326,
        -0.3642457496582
      ],
      "ImagePositionPatient": [
        -843.13506475987,
        -798.85746685453,
        273.00580646954
      ],
      "ImageType": [
        "ORIGINAL",
        "PRIMARY",
        "M",
        "ND",
        "MOSAIC"
      ],
      "ImagedNucleus": "1H",
      "ImagingFrequency": 123.259008,
      "InPlanePhaseEncodingDirection": "COL",
      "InstanceCreationTime": "164527.070000",
      "InstanceNumber": 1,
      "LargestImagePixelValue": 57744,
      "MRAcquisitionType": "2D",
      "MagneticFieldStrength": 3.0,
      "Manufacturer": "SIEMENS",
      "ManufacturerModelName": "Prisma_fit",
      "Modality": "MR",
      "NumberOfAverages": 1.0,
      "NumberOfPhaseEncodingSteps": 104,
      "PercentPhaseFieldOfView": 100.0,
      "PercentSampling": 100.0,
      "PerformedProcedureStepStartTime": "155450.213000",
      "PhotometricInterpretation": "MONOCHROME2",
      "PixelBandwidth": 2290.0,
      "PixelRepresentation": 0,
      "PixelSpacing": [
        2.0,
        2.0
      ],
      "ProtocolName": "func_task-social_run-2",
      "RepetitionTime": 1490.0,
      "Rows": 832,
      "SAR": 0.02875804468987,
      "SamplesPerPixel": 1,
      "ScanOptions": "FS",
      "ScanningSequence": "EP",
      "SequenceName": "epfid2d1_104",
      "SequenceVariant": [
        "SK",
        "SS"
      ],
      "SeriesDescription": "func_task-social_run-2_SBRef",
      "SeriesNumber": 26,
      "SeriesTime": "164527.066000",
      "SliceLocation": -33.337395445364,
      "SliceThickness": 2.0,
      "SmallestImagePixelValue": 0,
      "SoftwareVersions": "syngo MR E11",
      "SpacingBetweenSlices": 1.9999999491493,
      "SpecificCharacterSet": "ISO_IR 100",
      "StudyID": "1",
      "StudyTime": "155450.091000",
      "TransmitCoilName": "Body",
      "VariableFlipAngleFlag": "N",
      "WindowCenter": 11609.0,
      "WindowCenterWidthExplanation": "Algo1",
      "WindowWidth": 24545.0,
      "dBdt": 0.0
    },
    "slices": {}
  }
}