{
  "AcquisitionMatrixPE": 104,
  "AcquisitionNumber": 1,
  "AcquisitionTime": "13:50:20.750000",
  "BandwidthPerPixelPhaseEncode": 17.17,
  "BaseResolution": 104,
  "BodyPartExamined": "BRAIN",
  "CoilString": "HC1-7;NC1_2",
  "ConsistencyInfo": "N4_VE11C_LATEST_20160120",
  "ConversionSoftware": "dcm2niix",
  "ConversionSoftwareVersion": "v1.0.20190720  (JP2:OpenJPEG) GCC7.3.0",
  "DerivedVendorReportedEchoSpacing": 0.000560011,
  "DeviceSerialNumber": "167006",
  "DwellTime": 2.1e-06,
  "EchoTime": 0.037,
  "EchoTrainLength": 104,
  "EffectiveEchoSpacing": 0.000560011,
  "FlipAngle": 52,
  "ImageComments": "Single-band_reference",
  "ImageOrientationPatientDICOM": [
    0.999984,
    -0.00509563,
    0.00230023,
    0.00558505,
    0.92908,
    -0.369838
  ],
  "ImageType": [
    "ORIGINAL",
    "PRIMARY",
    "M",
    "ND",
    "MOSAIC"
  ],
  "ImagingFrequency": 123.259,
  "InPlanePhaseEncodingDirectionDICOM": "COL",
  "InstitutionAddress": "Chemin_Queen-Mary_4565_Montreal_District_CA_H3W_1W5",
  "InstitutionName": "IUGM",
  "InstitutionalDepartmentName": "Department",
  "IntendedFor": [
    "ses-007/func/sub-03_ses-007_task-wm_run-01_bold.nii.gz"
  ],
  "MRAcquisitionType": "2D",
  "MagneticFieldStrength": 3,
  "Manufacturer": "Siemens",
  "ManufacturersModelName": "Prisma_fit",
  "Modality": "MR",
  "PartialFourier": 1,
  "PatientPosition": "HFS",
  "PercentPhaseFOV": 100,
  "PhaseEncodingDirection": "j",
  "PhaseEncodingSteps": 104,
  "PhaseResolution": 1,
  "PixelBandwidth": 2290,
  "ProcedureStepDescription": "hcptrt_generic",
  "ProtocolName": "func_task-wm_run-1",
  "PulseSequenceDetails": "%CustomerSeq%_cmrr_mbep2d_bold",
  "ReceiveCoilActiveElements": "HC1-7;NC1,2",
  "ReceiveCoilName": "HeadNeck_64",
  "ReconMatrixPE": 104,
  "RepetitionTime": 1.49,
  "SAR": 0.0284182,
  "ScanOptions": "FS",
  "ScanningSequence": "EP",
  "SequenceName": "epfid2d1_104",
  "SequenceVariant": "SK_SS",
  "SeriesDescription": "func_task-wm_run-1_SBRef",
  "SeriesNumber": 16,
  "ShimSetting": [
    626,
    -7155,
    -8822,
    669,
    42,
    183,
    16,
    -17
  ],
  "SliceThickness": 2,
  "SliceTiming": [
    0,
    0.0975,
    0.195,
    0.295,
    0.3925,
    0.49,
    0.5875,
    0.685,
    0.785,
    0.8825,
    0.98,
    1.0775,
    1.175,
    1.275,
    1.3725,
    1.47,
    1.5675,
    1.665,
    1.765,
    1.8625,
    1.96,
    2.0575,
    2.155,
    2.255,
    2.3525,
    2.45,
    2.5475,
    2.645,
    2.745,
    2.8425,
    2.94,
    3.0375,
    3.135,
    3.2325,
    3.3325,
    3.43,
    3.5275,
    3.625,
    3.7225,
    3.8225,
    3.92,
    4.0175,
    4.115,
    4.2125,
    4.3125,
    4.41,
    4.5075,
    4.605,
    4.7025,
    4.8025,
    4.9,
    4.9975,
    5.095,
    5.1925,
    5.2925,
    5.39,
    5.4875,
    5.585,
    5.6825,
    5.7825
  ],
  "SoftwareVersions": "syngo_MR_E11",
  "SpacingBetweenSlices": 2,
  "StationName": "MRC35049",
  "TotalReadoutTime": 0.0576811,
  "TxRefAmp": 208.787,
  "WipMemBlock": "42718461-03a7-4f30-af74-2bb104b5a7f8||Sequence: R016 ve11c/master r/e634e98; Dec 19 2017 11:00:25 by eja",
  "dcmmeta_affine": [
    [
      -1.9999687671661377,
      0.011170090176165104,
      0.0005050902254879475,
      108.5717544555664
    ],
    [
      0.010191258043050766,
      1.8581593036651611,
      -0.7396891713142395,
      -66.57524108886719
    ],
    [
      0.0046004666946828365,
      0.7396750450134277,
      1.858187198638916,
      -70.93624114990234
    ],
    [
      0.0,
      0.0,
      0.0,
      1.0
    ]
  ],
  "dcmmeta_reorient_transform": [
    [
      0.0,
      -1.0,
      0.0,
      103.0
    ],
    [
      1.0,
      0.0,
      0.0,
      0.0
    ],
    [
      0.0,
      0.0,
      1.0,
      0.0
    ],
    [
      0.0,
      0.0,
      0.0,
      1.0
    ]
  ],
  "dcmmeta_shape": [
    104,
    104,
    60
  ],
  "dcmmeta_slice_dim": 2,
  "dcmmeta_version": 0.6,
  "global": {
    "const": {
      "AcquisitionMatrix": [
        104,
        0,
        0,
        104
      ],
      "AcquisitionNumber": 1,
      "AcquisitionTime": "135020.750000",
      "AngioFlag": "N",
      "BitsAllocated": 16,
      "BitsStored": 16,
      "BodyPartExamined": "BRAIN",
      "Columns": 832,
      "ContentTime": "135128.422000",
      "EchoNumbers": 1,
      "EchoTime": 37.0,
      "EchoTrainLength": 104,
      "FlipAngle": 52.0,
      "HighBit": 15,
      "ImageOrientationPatient": [
        0.99998437162351,
        -0.0050956290302,
        0.00230023336049,
        0.00558504518174,
        0.92907965449753,
        -0.3698375357763
      ],
      "ImagePositionPatient": [
        -841.77680545259,
        -797.47553629151,
        272.8174485738
      ],
      "ImageType": [
        "ORIGINAL",
        "PRIMARY",
        "M",
        "ND",
        "MOSAIC"
      ],
      "ImagedNucleus": "1H",
      "ImagingFrequency": 123.259284,
      "InPlanePhaseEncodingDirection": "COL",
      "InstanceCreationTime": "135128.422000",
      "InstanceNumber": 1,
      "LargestImagePixelValue": 61294,
      "MRAcquisitionType": "2D",
      "MagneticFieldStrength": 3.0,
      "Manufacturer": "SIEMENS",
      "ManufacturerModelName": "Prisma_fit",
      "Modality": "MR",
      "NumberOfAverages": 1.0,
      "NumberOfPhaseEncodingSteps": 104,
      "PercentPhaseFieldOfView": 100.0,
      "PercentSampling": 100.0,
      "PerformedProcedureStepStartTime": "130627.797000",
      "PhotometricInterpretation": "MONOCHROME2",
      "PixelBandwidth": 2290.0,
      "PixelRepresentation": 0,
      "PixelSpacing": [
        2.0,
        2.0
      ],
      "ProtocolName": "func_task-wm_run-1",
      "RepetitionTime": 1490.0,
      "Rows": 832,
      "SAR": 0.02841816889219,
      "SamplesPerPixel": 1,
      "ScanOptions": "FS",
      "ScanningSequence": "EP",
      "SequenceName": "epfid2d1_104",
      "SequenceVariant": [
        "SK",
        "SS"
      ],
      "SeriesDescription": "func_task-wm_run-1_SBRef",
      "SeriesNumber": 16,
      "SeriesTime": "135128.418000",
      "SliceLocation": -41.25649251744,
      "SliceThickness": 2.0,
      "SmallestImagePixelValue": 0,
      "SoftwareVersions": "syngo MR E11",
      "SpacingBetweenSlices": 1.9999999484078,
      "SpecificCharacterSet": "ISO_IR 100",
      "StudyID": "1",
      "StudyTime": "130627.725000",
      "TransmitCoilName": "Body",
      "VariableFlipAngleFlag": "N",
      "WindowCenter": 11826.0,
      "WindowCenterWidthExplanation": "Algo1",
      "WindowWidth": 25139.0,
      "dBdt": 0.0
    },
    "slices": {}
  }
}