{
  "AcquisitionMatrixPE": 160,
  "AcquisitionNumber": 1,
  "AcquisitionTime": "15:50:29.007500",
  "BaseResolution": 160,
  "BodyPartExamined": "BRAIN",
  "CoilString": "HC1-7;NC1_2",
  "ConsistencyInfo": "N4_VE11C_LATEST_20160120",
  "ConversionSoftware": "dcm2niix",
  "ConversionSoftwareVersion": "v1.0.20200427",
  "DeviceSerialNumber": "167006",
  "DwellTime": 5.8e-06,
  "EchoTime": 0.00137,
  "FlipAngle": 8,
  "ImageOrientationPatientDICOM": [0, 1, 0, 0, 0, -1],
  "ImageType": [
    "ORIGINAL",
    "PRIMARY",
    "M",
    "ND",
    "NORM"
],
  "ImagingFrequency": 123.259,
  "InPlanePhaseEncodingDirectionDICOM": "ROW",
  "InstitutionAddress": "Chemin_Queen-Mary_4565_Montreal_District_CA_H3W_1W5",
  "InstitutionName": "IUGM",
  "InstitutionalDepartmentName": "Department",
  "MRAcquisitionType": "3D",
  "MagneticFieldStrength": 3,
  "Manufacturer": "Siemens",
  "ManufacturersModelName": "Prisma_fit",
  "Modality": "MR",
  "ParallelReductionFactorInPlane": 3,
  "PartialFourier": 0.75,
  "PatientPosition": "HFS",
  "PercentPhaseFOV": 100,
  "PercentSampling": 100,
  "PhaseEncodingSteps": 118,
  "PhaseResolution": 1,
  "PixelBandwidth": 540,
  "ProcedureStepDescription": "hcptrt_generic",
  "ProtocolName": "AAHead_Scout",
  "PulseSequenceDetails": "%SiemensSeq%_AALScout",
  "ReceiveCoilActiveElements": "HC1-7;NC1,2",
  "ReceiveCoilName": "HeadNeck_64",
  "ReconMatrixPE": 160,
  "RefLinesPE": 24,
  "RepetitionTime": 0.00315,
  "SAR": 0.0168757,
  "ScanOptions": "PFP",
  "ScanningSequence": "GR",
  "SequenceName": "_fl3d1_ns",
  "SequenceVariant": "SP",
  "SeriesDescription": "AAHead_Scout",
  "SeriesNumber": 24,
  "ShimSetting": [620, -7194, -9127, 77, 28, -20, -10, -23],
  "SliceThickness": 1.6,
  "SoftwareVersions": "syngo_MR_E11",
  "StationName": "MRC35049",
  "TxRefAmp": 219.745}