{
  "AcquisitionMatrixPE": 104,
  "AcquisitionNumber": 1,
  "AcquisitionTime": "09:09:47.872500",
  "BandwidthPerPixelPhaseEncode": 17.17,
  "BaseResolution": 104,
  "BodyPartExamined": "BRAIN",
  "CoilString": "HC1-7;NC1_2",
  "ConsistencyInfo": "N4_VE11C_LATEST_20160120",
  "ConversionSoftware": "dcm2niix",
  "ConversionSoftwareVersion": "v1.0.20190720  (JP2:OpenJPEG) GCC7.3.0",
  "DerivedVendorReportedEchoSpacing": 0.000560011,
  "DeviceSerialNumber": "167006",
  "DwellTime": 2.1e-06,
  "EchoTime": 0.037,
  "EchoTrainLength": 104,
  "EffectiveEchoSpacing": 0.000560011,
  "FlipAngle": 52,
  "ImageComments": "Unaliased_MB4_PE3_LB",
  "ImageOrientationPatientDICOM": [0.999918, 0.00982544, 0.00819292, -0.00453746, 0.871164, -0.49097],
  "ImageType": [
    "ORIGINAL",
    "PRIMARY",
    "M",
    "MB",
    "ND",
    "MOSAIC"
],
  "ImagingFrequency": 123.259,
  "InPlanePhaseEncodingDirectionDICOM": "COL",
  "InstitutionAddress": "Chemin_Queen-Mary_4565_Montreal_District_CA_H3W_1W5",
  "InstitutionName": "IUGM",
  "InstitutionalDepartmentName": "Department",
  "MRAcquisitionType": "2D",
  "MagneticFieldStrength": 3,
  "Manufacturer": "Siemens",
  "ManufacturersModelName": "Prisma_fit",
  "Modality": "MR",
  "MultibandAccelerationFactor": 4,
  "PartialFourier": 1,
  "PatientPosition": "HFS",
  "PercentPhaseFOV": 100,
  "PhaseEncodingDirection": "j",
  "PhaseEncodingSteps": 104,
  "PhaseResolution": 1,
  "PixelBandwidth": 2290,
  "ProcedureStepDescription": "hcptrt_generic",
  "ProtocolName": "func_task-restingstate_run-1",
  "PulseSequenceDetails": "%CustomerSeq%_cmrr_mbep2d_bold",
  "ReceiveCoilActiveElements": "HC1-7;NC1,2",
  "ReceiveCoilName": "HeadNeck_64",
  "ReconMatrixPE": 104,
  "RepetitionTime": 1.49,
  "SAR": 0.0372698,
  "ScanOptions": "FS",
  "ScanningSequence": "EP",
  "SequenceName": "epfid2d1_104",
  "SequenceVariant": "SK_SS",
  "SeriesDescription": "func_task-restingstate_run-1",
  "SeriesNumber": 7,
  "ShimSetting": [621, -7198, -8870, 422, -27, -147, 45, -25],
  "SliceThickness": 2,
  "SliceTiming": [0, 0.7825, 0.0975, 0.88, 0.195, 0.98, 0.2925, 1.0775, 0.39, 1.175, 0.49, 1.2725, 0.5875, 1.37, 0.685, 0, 0.7825, 0.0975, 0.88, 0.195, 0.98, 0.2925, 1.0775, 0.39, 1.175, 0.49, 1.2725, 0.5875, 1.37, 0.685, 0, 0.7825, 0.0975, 0.88, 0.195, 0.98, 0.2925, 1.0775, 0.39, 1.175, 0.49, 1.2725, 0.5875, 1.37, 0.685, 0, 0.7825, 0.0975, 0.88, 0.195, 0.98, 0.2925, 1.0775, 0.39, 1.175, 0.49, 1.2725, 0.5875, 1.37, 0.685],
  "SoftwareVersions": "syngo_MR_E11",
  "SpacingBetweenSlices": 2,
  "StationName": "MRC35049",
  "TaskName": "restingstate",
  "TotalReadoutTime": 0.0576811,
  "TxRefAmp": 248.282,
  "WipMemBlock": "4ab1ace1-50c1-4b87-a73a-f9af76efb224||Sequence: R016 ve11c/master r/e634e98; Dec 19 2017 11:00:25 by eja",
  "dcmmeta_affine": [
    [-1.9998363256454468, -0.009074920788407326, 0.023922758176922798, 103.22956085205078],
    [-0.01965087093412876, 1.7423288822174072, -0.9817860722541809, -59.23006820678711],
    [0.016385840252041817, 0.9819408059120178, 1.7422754764556885, -93.13334655761719],
    [0.0, 0.0, 0.0, 1.0]
],
  "dcmmeta_reorient_transform": [
    [0.0, -1.0, 0.0, 103.0],
    [1.0, 0.0, 0.0, 0.0],
    [0.0, 0.0, 1.0, 0.0],
    [0.0, 0.0, 0.0, 1.0]
],
  "dcmmeta_shape": [104, 104, 60, 17],
  "dcmmeta_slice_dim": 2,
  "dcmmeta_version": 0.6,
  "global": {
    "const": {
      "AcquisitionMatrix": [104, 0, 0, 104],
      "AngioFlag": "N",
      "BitsAllocated": 16,
      "BitsStored": 16,
      "BodyPartExamined": "BRAIN",
      "Columns": 832,
      "EchoNumbers": 1,
      "EchoTime": 37.0,
      "EchoTrainLength": 104,
      "FlipAngle": 52.0,
      "HighBit": 15,
      "ImageOrientationPatient": [0.99991816508454, 0.00982543579825, 0.00819292044022, -0.0045374601818, 0.87116443912594, -0.4909703977405],
      "ImagePositionPatient": [-826.93199691393, -761.59043705143, 359.46855627377],
      "ImageType": [
        "ORIGINAL",
        "PRIMARY",
        "M",
        "MB",
        "ND",
        "MOSAIC"
],
      "ImagedNucleus": "1H",
      "ImagingFrequency": 123.259442,
      "InPlanePhaseEncodingDirection": "COL",
      "MRAcquisitionType": "2D",
      "MagneticFieldStrength": 3.0,
      "Manufacturer": "SIEMENS",
      "ManufacturerModelName": "Prisma_fit",
      "Modality": "MR",
      "NumberOfAverages": 1.0,
      "NumberOfPhaseEncodingSteps": 104,
      "PercentPhaseFieldOfView": 100.0,
      "PercentSampling": 100.0,
      "PerformedProcedureStepStartTime": "085355.731000",
      "PhotometricInterpretation": "MONOCHROME2",
      "PixelBandwidth": 2290.0,
      "PixelRepresentation": 0,
      "PixelSpacing": [2.0, 2.0],
      "ProtocolName": "func_task-restingstate_run-1",
      "RepetitionTime": 1490.0,
      "Rows": 832,
      "SAR": 0.03726976625292,
      "SamplesPerPixel": 1,
      "ScanOptions": "FS",
      "ScanningSequence": "EP",
      "SequenceName": "epfid2d1_104",
      "SequenceVariant": [
        "SK",
        "SS"
],
      "SeriesDescription": "func_task-restingstate_run-1",
      "SeriesNumber": 7,
      "SeriesTime": "091046.558000",
      "SliceLocation": -50.821578868807,
      "SliceThickness": 2.0,
      "SmallestImagePixelValue": 0,
      "SoftwareVersions": "syngo MR E11",
      "SpacingBetweenSlices": 1.9999999883684,
      "SpecificCharacterSet": "ISO_IR 100",
      "StudyID": "1",
      "StudyTime": "085355.587000",
      "TransmitCoilName": "Body",
      "VariableFlipAngleFlag": "N",
      "WindowCenterWidthExplanation": "Algo1",
      "dBdt": 0.0},
    "slices": {}
  },
  "time": {
    "samples": {
      "AcquisitionNumber": [1, 2, 3, 4, 5, 6, 7, 8, 9, 10, 11, 12, 13, 14, 15, 16, 17],
      "AcquisitionTime": ["090947.872500", "090949.362500", "090950.852500", "090952.342500", "090953.832500", "090955.322500", "090956.812500", "090958.302500", "090959.792500", "091001.282500", "091002.772500", "091004.262500", "091005.752500", "091007.242500", "091008.732500", "091010.222500", "091011.712500"],
      "ContentTime": ["091046.562000", "091046.565000", "091046.577000", "091046.580000", "091046.583000", "091046.586000", "091046.589000", "091056.864000", "091056.867000", "091056.870000", "091056.873000", "091056.875000", "091056.888000", "091056.891000", "091056.894000", "091056.900000", "091056.903000"],
      "InstanceCreationTime": ["091046.562000", "091046.565000", "091046.577000", "091046.580000", "091046.583000", "091046.586000", "091046.589000", "091056.864000", "091056.867000", "091056.870000", "091056.873000", "091056.875000", "091056.888000", "091056.891000", "091056.894000", "091056.900000", "091056.903000"],
      "InstanceNumber": [1, 2, 3, 4, 5, 6, 7, 8, 9, 10, 11, 12, 13, 14, 15, 16, 17],
      "LargestImagePixelValue": [52630, 51466, 50222, 49798, 49268, 49772, 49516, 49148, 49291, 48895, 49433, 49007, 49471, 49259, 49262, 49491, 49485],
      "WindowCenter": [11462.0, 11403.0, 11358.0, 11343.0, 11340.0, 11357.0, 11359.0, 11349.0, 11340.0, 11338.0, 11354.0, 11347.0, 11348.0, 11343.0, 11351.0, 11362.0, 11372.0],
      "WindowWidth": [24797.0, 24617.0, 24487.0, 24443.0, 24430.0, 24471.0, 24477.0, 24444.0, 24420.0, 24412.0, 24448.0, 24456.0, 24437.0, 24426.0, 24449.0, 24469.0, 24494.0]
    },
    "slices": {}
  }
}