{
  "AcquisitionMatrixPE": 104,
  "AcquisitionNumber": 1,
  "AcquisitionTime": "18:39:18.062500",
  "BandwidthPerPixelPhaseEncode": 17.17,
  "BaseResolution": 104,
  "BodyPartExamined": "BRAIN",
  "CoilString": "HC1-7;NC1_2",
  "ConsistencyInfo": "N4_VE11C_LATEST_20160120",
  "ConversionSoftware": "dcm2niix",
  "ConversionSoftwareVersion": "v1.0.20190720  (JP2:OpenJPEG) GCC7.3.0",
  "DerivedVendorReportedEchoSpacing": 0.000560011,
  "DeviceSerialNumber": "167006",
  "DwellTime": 2.1e-06,
  "EchoTime": 0.037,
  "EchoTrainLength": 104,
  "EffectiveEchoSpacing": 0.000560011,
  "FlipAngle": 52,
  "ImageComments": "Unaliased_MB4_PE3_LB",
  "ImageOrientationPatientDICOM": [0.999403, -0.0310392, -0.0151919, 0.0226796, 0.920807, -0.389358],
  "ImageType": [
    "ORIGINAL",
    "PRIMARY",
    "M",
    "MB",
    "ND",
    "MOSAIC"
],
  "ImagingFrequency": 123.259,
  "InPlanePhaseEncodingDirectionDICOM": "COL",
  "InstitutionAddress": "Chemin_Queen-Mary_4565_Montreal_District_CA_H3W_1W5",
  "InstitutionName": "IUGM",
  "InstitutionalDepartmentName": "Department",
  "MRAcquisitionType": "2D",
  "MagneticFieldStrength": 3,
  "Manufacturer": "Siemens",
  "ManufacturersModelName": "Prisma_fit",
  "Modality": "MR",
  "MultibandAccelerationFactor": 4,
  "PartialFourier": 1,
  "PatientPosition": "HFS",
  "PercentPhaseFOV": 100,
  "PhaseEncodingDirection": "j-",
  "PhaseEncodingSteps": 104,
  "PhaseResolution": 1,
  "PixelBandwidth": 2290,
  "ProcedureStepDescription": "hcptrt_generic",
  "ProtocolName": "func_AP_run-2",
  "PulseSequenceDetails": "%CustomerSeq%_cmrr_mbep2d_bold",
  "ReceiveCoilActiveElements": "HC1-7;NC1,2",
  "ReceiveCoilName": "HeadNeck_64",
  "ReconMatrixPE": 104,
  "RepetitionTime": 1.49,
  "SAR": 0.0278499,
  "ScanOptions": "FS",
  "ScanningSequence": "EP",
  "SequenceName": "epfid2d1_104",
  "SequenceVariant": "SK_SS",
  "SeriesDescription": "func_AP_run-2",
  "SeriesNumber": 37,
  "ShimSetting": [614, -7256, -8847, 398, 27, -345, 11, 28],
  "SliceThickness": 2,
  "SliceTiming": [0, 0.785, 0.1, 0.8825, 0.1975, 0.98, 0.295, 1.08, 0.3925, 1.1775, 0.49, 1.275, 0.59, 1.3725, 0.6875, 0, 0.785, 0.1, 0.8825, 0.1975, 0.98, 0.295, 1.08, 0.3925, 1.1775, 0.49, 1.275, 0.59, 1.3725, 0.6875, 0, 0.785, 0.1, 0.8825, 0.1975, 0.98, 0.295, 1.08, 0.3925, 1.1775, 0.49, 1.275, 0.59, 1.3725, 0.6875, 0, 0.785, 0.1, 0.8825, 0.1975, 0.98, 0.295, 1.08, 0.3925, 1.1775, 0.49, 1.275, 0.59, 1.3725, 0.6875],
  "SoftwareVersions": "syngo_MR_E11",
  "SpacingBetweenSlices": 2,
  "StationName": "MRC35049",
  "TotalReadoutTime": 0.0576811,
  "TxRefAmp": 236.209,
  "WipMemBlock": "4cbe74f8-bd47-46c7-84ec-b618f0203f65||Sequence: R016 ve11c/master r/e634e98; Dec 19 2017 11:00:25 by eja",
  "dcmmeta_affine": [
    [-1.9988054037094116, 0.045359231531620026, -0.052148304879665375, 103.34519958496094],
    [0.06207846850156784, 1.8416141271591187, -0.7775627970695496, -63.52595520019531],
    [-0.030383700504899025, 0.7787169814109802, 1.8419220447540283, -66.5191650390625],
    [0.0, 0.0, 0.0, 1.0]
],
  "dcmmeta_reorient_transform": [
    [0.0, -1.0, 0.0, 103.0],
    [1.0, 0.0, 0.0, 0.0],
    [0.0, 0.0, 1.0, 0.0],
    [0.0, 0.0, 0.0, 1.0]
],
  "dcmmeta_shape": [104, 104, 60, 3],
  "dcmmeta_slice_dim": 2,
  "dcmmeta_version": 0.6,
  "global": {
    "const": {
      "AcquisitionMatrix": [104, 0, 0, 104],
      "AngioFlag": "N",
      "BitsAllocated": 16,
      "BitsStored": 16,
      "BodyPartExamined": "BRAIN",
      "Columns": 832,
      "EchoNumbers": 1,
      "EchoTime": 37.0,
      "EchoTrainLength": 104,
      "FlipAngle": 52.0,
      "HighBit": 15,
      "ImageOrientationPatient": [0.99940270846047, -0.0310392334586, -0.0151918500577, 0.02267961490814, 0.92080703417729, -0.3893584991717],
      "ImagePositionPatient": [-852.09313131783, -773.91125325215, 308.20133855693],
      "ImageType": [
        "ORIGINAL",
        "PRIMARY",
        "M",
        "MB",
        "ND",
        "MOSAIC"
],
      "ImagedNucleus": "1H",
      "ImagingFrequency": 123.259247,
      "InPlanePhaseEncodingDirection": "COL",
      "MRAcquisitionType": "2D",
      "MagneticFieldStrength": 3.0,
      "Manufacturer": "SIEMENS",
      "ManufacturerModelName": "Prisma_fit",
      "Modality": "MR",
      "NumberOfAverages": 1.0,
      "NumberOfPhaseEncodingSteps": 104,
      "PercentPhaseFieldOfView": 100.0,
      "PercentSampling": 100.0,
      "PerformedProcedureStepStartTime": "171513.964000",
      "PhotometricInterpretation": "MONOCHROME2",
      "PixelBandwidth": 2290.0,
      "PixelRepresentation": 0,
      "PixelSpacing": [2.0, 2.0],
      "ProtocolName": "func_AP_run-2",
      "RepetitionTime": 1490.0,
      "Rows": 832,
      "SAR": 0.0278498943961,
      "SamplesPerPixel": 1,
      "ScanOptions": "FS",
      "ScanningSequence": "EP",
      "SequenceName": "epfid2d1_104",
      "SequenceVariant": [
        "SK",
        "SS"
],
      "SeriesDescription": "func_AP_run-2",
      "SeriesNumber": 37,
      "SeriesTime": "184006.426000",
      "SliceLocation": -39.258487450917,
      "SliceThickness": 2.0,
      "SmallestImagePixelValue": 0,
      "SoftwareVersions": "syngo MR E11",
      "SpacingBetweenSlices": 2.0000000426937,
      "SpecificCharacterSet": "ISO_IR 100",
      "StudyID": "1",
      "StudyTime": "171513.909000",
      "TransmitCoilName": "Body",
      "VariableFlipAngleFlag": "N",
      "WindowCenterWidthExplanation": "Algo1",
      "dBdt": 0.0},
    "slices": {}
  },
  "time": {
    "samples": {
      "AcquisitionNumber": [1, 2, 3],
      "AcquisitionTime": ["183918.062500", "183919.552500", "183921.042500"],
      "ContentTime": ["184006.429000", "184007.427000", "184008.245000"],
      "InstanceCreationTime": ["184006.429000", "184007.427000", "184008.245000"],
      "InstanceNumber": [1, 2, 3],
      "LargestImagePixelValue": [43041, 41831, 41434],
      "WindowCenter": [10205.0, 10149.0, 10126.0],
      "WindowWidth": [21960.0, 21812.0, 21744.0]
    },
    "slices": {}
  }
}